GEM
  remote: http://rubygems.org/
  specs:
    Ascii85 (1.0.1)
    pdf-reader (0.10.0)
      Ascii85 (~> 1.0.0)
    prawn (0.12.0)
      pdf-reader (>= 0.9.0)
      ttfunk (~> 1.0.2)
    ttfunk (1.0.2)

PLATFORMS
  ruby

DEPENDENCIES
  prawn (~> 0.12.0)
